GEM
  remote: https://rubygems.org/
  specs:
    byebug (9.0.6)
    minitest (5.9.1)
    pdf-core (0.6.1)
    prawn (2.1.0)
      pdf-core (~> 0.6.1)
      ttfunk (~> 1.4.0)
    ttfunk (1.4.0)

PLATFORMS
  ruby

DEPENDENCIES
  byebug
  minitest
  prawn

BUNDLED WITH
   1.13.1
